PATH
  remote: .
  specs:
    algo-gem (0.0.1)

GEM
  remote: https://rubygems.org/
  specs:

PLATFORMS
  ruby

DEPENDENCIES
  algo-gem
